GEM
  remote: http://rubygems.org/
  specs:
    rake (10.0.3)

PLATFORMS
  x86-mingw32

DEPENDENCIES
  bundler (~> 1.2.3)
  rake (~> 10.0.3)
